GEM
  remote: http://rubygems.org/
  specs:
    posix-spawn (0.3.8)
    skeptick (0.1.0)
      posix-spawn (~> 0.3.6)

PLATFORMS
  ruby

DEPENDENCIES
  skeptick
